GEM
  remote: https://rubygems.org/
  specs:
    annotate_gem (0.0.14)
      bundler (>= 1.1)
    asciidoctor (2.0.12)
    asciidoctor-diagram (2.1.1)
      asciidoctor (>= 1.5.7, < 3.x)
      asciidoctor-diagram-ditaamini (~> 1.0.0)
      asciidoctor-diagram-plantuml (~> 1.2021)
      rexml
    asciidoctor-diagram-ditaamini (1.0.0)
    asciidoctor-diagram-plantuml (1.2021.2)
    asciidoctor-revealjs (4.1.0)
      asciidoctor (>= 2.0.0, < 3.0.0)
      concurrent-ruby (~> 1.0)
      thread_safe (~> 0.3.5)
    coderay (1.1.3)
    concurrent-ruby (1.1.8)
    ffi (1.15.0)
    formatador (0.2.5)
    guard (2.16.2)
      formatador (>= 0.2.4)
      listen (>= 2.7, < 4.0)
      lumberjack (>= 1.0.12, < 2.0)
      nenv (~> 0.1)
      notiffany (~> 0.0)
      pry (>= 0.9.12)
      shellany (~> 0.0)
      thor (>= 0.18.1)
    guard-compat (1.2.1)
    guard-shell (0.7.1)
      guard (>= 2.0.0)
      guard-compat (~> 1.0)
    listen (3.5.1)
      rb-fsevent (~> 0.10, >= 0.10.3)
      rb-inotify (~> 0.9, >= 0.9.10)
    lumberjack (1.2.8)
    method_source (1.0.0)
    multi_json (1.15.0)
    mustermann (1.1.1)
      ruby2_keywords (~> 0.0.1)
    nenv (0.3.0)
    nio4r (2.5.7)
    notiffany (0.1.3)
      nenv (~> 0.1)
      shellany (~> 0.0)
    pry (0.14.0)
      coderay (~> 1.1)
      method_source (~> 1.0)
    puma (5.2.2)
      nio4r (~> 2.0)
    rack (2.2.3)
    rack-protection (2.1.0)
      rack
    rb-fsevent (0.10.4)
    rb-inotify (0.10.1)
      ffi (~> 1.0)
    rexml (3.2.4)
    ruby2_keywords (0.0.4)
    shellany (0.0.1)
    sinatra (2.1.0)
      mustermann (~> 1.0)
      rack (~> 2.2)
      rack-protection (= 2.1.0)
      tilt (~> 2.0)
    sinatra-contrib (2.1.0)
      multi_json
      mustermann (~> 1.0)
      rack-protection (= 2.1.0)
      sinatra (= 2.1.0)
      tilt (~> 2.0)
    thor (1.1.0)
    thread_safe (0.3.6)
    tilt (2.0.10)

PLATFORMS
  x86_64-linux

DEPENDENCIES
  annotate_gem
  asciidoctor
  asciidoctor-diagram
  asciidoctor-revealjs
  guard
  guard-shell
  pry
  puma
  sinatra
  sinatra-contrib

RUBY VERSION
   ruby 3.0.0p0

BUNDLED WITH
   2.2.4
